GEM
  remote: https://rubygems.org/
  specs:
    openssl (3.1.0)

PLATFORMS
  x86_64-darwin-19

DEPENDENCIES
  openssl

BUNDLED WITH
   2.4.18
